GEM
  remote: http://rubygems.org/
  specs:
    hologram (1.4.0)
      redcarpet (>= 2.2, < 4.0)
      rouge (>= 1.5)
    redcarpet (2.3.0)
    rouge (2.0.6)

PLATFORMS
  ruby

DEPENDENCIES
  hologram (= 1.4.0)

BUNDLED WITH
   1.13.2
